GEM
  remote: http://rubygems.org/
  specs:
    ansi (1.5.0)
    ast (2.2.0)
    backports (3.6.8)
    builder (3.2.2)
    bump (0.5.3)
    coderay (1.1.1)
    domain_name (0.5.20160310)
      unf (>= 0.0.5, < 1.0.0)
    faraday (0.9.2)
      multipart-post (>= 1.2, < 3)
    faraday_middleware (0.10.0)
      faraday (>= 0.7.4, < 0.10)
    ffi (1.9.10)
    formatador (0.2.5)
    guard (2.14.0)
      formatador (>= 0.2.4)
      listen (>= 2.7, < 4.0)
      lumberjack (~> 1.0)
      nenv (~> 0.1)
      notiffany (~> 0.0)
      pry (>= 0.9.12)
      shellany (~> 0.0)
      thor (>= 0.18.1)
    guard-compat (1.2.1)
    guard-minitest (2.4.4)
      guard-compat (~> 1.2)
      minitest (>= 3.0)
    guard-rake (1.0.0)
      guard
      rake
    guard-rubocop (1.2.0)
      guard (~> 2.0)
      rubocop (~> 0.20)
    http-cookie (1.0.2)
      domain_name (~> 0.5)
    libnotify (0.9.1)
      ffi (>= 1.0.11)
    libxml-ruby (2.8.0)
    listen (3.1.5)
      rb-fsevent (~> 0.9, >= 0.9.4)
      rb-inotify (~> 0.9, >= 0.9.7)
      ruby_dep (~> 1.2)
    lumberjack (1.0.10)
    metaclass (0.0.4)
    method_source (0.8.2)
    mime-types (2.99.2)
    mini_portile2 (2.0.0)
    minitest (5.8.4)
    minitest-hooks (1.4.0)
    minitest-reporters (1.1.9)
      ansi
      builder
      minitest (>= 5.0)
      ruby-progressbar
    mocha (1.1.0)
      metaclass (~> 0.0.1)
    multi_json (1.12.1)
    multipart-post (2.0.0)
    nenv (0.3.0)
    netrc (0.11.0)
    nginx (0.0.2)
    nokogiri (1.6.7.2)
      mini_portile2 (~> 2.0.0.rc2)
    notiffany (0.1.0)
      nenv (~> 0.1)
      shellany (~> 0.0)
    oai (0.3.1)
      builder (>= 2.0.0)
      faraday
      faraday_middleware
    parser (2.3.1.1)
      ast (~> 2.2)
    powerpack (0.1.1)
    pry (0.10.3)
      coderay (~> 1.1.0)
      method_source (~> 0.8.1)
      slop (~> 3.4)
    puma (3.1.1)
    rack (1.6.4)
    rack-protection (1.5.3)
      rack
    rack-test (0.6.3)
      rack (>= 1.0)
    rainbow (2.1.0)
    rake (11.1.2)
    rb-fsevent (0.9.7)
    rb-inotify (0.9.7)
      ffi (>= 0.5.0)
    rest-client (1.8.0)
      http-cookie (>= 1.0.2, < 2.0)
      mime-types (>= 1.16, < 3.0)
      netrc (~> 0.7)
    rubocop (0.40.0)
      parser (>= 2.3.1.0, < 3.0)
      powerpack (~> 0.1)
      rainbow (>= 1.99.1, < 3.0)
      ruby-progressbar (~> 1.7)
      unicode-display_width (~> 1.0, >= 1.0.1)
    ruby-progressbar (1.8.1)
    ruby_dep (1.3.1)
    shellany (0.0.1)
    sinatra (1.4.7)
      rack (~> 1.5)
      rack-protection (~> 1.4)
      tilt (>= 1.3, < 3)
    sinatra-advanced-routes (0.5.3)
      sinatra (~> 1.0)
    sinatra-contrib (1.4.7)
      backports (>= 2.0)
      multi_json
      rack-protection
      rack-test
      sinatra (~> 1.4.0)
      tilt (>= 1.3, < 3)
    sinatra-cross_origin (0.3.2)
    slop (3.6.0)
    thor (0.19.1)
    tilt (2.0.4)
    unf (0.1.4)
      unf_ext
    unf_ext (0.0.7.2)
    unicode-display_width (1.0.5)
    yard (0.8.7.6)

PLATFORMS
  ruby

DEPENDENCIES
  bump (~> 0.5.2)
  guard
  guard-minitest
  guard-rake
  guard-rubocop
  libnotify
  libxml-ruby (~> 2.8.0)
  minitest (~> 5.8.4)
  minitest-hooks (~> 1.4.0)
  minitest-reporters (~> 1.1.9)
  mocha (~> 1.1.0)
  nginx
  nokogiri
  oai (~> 0.3.1)
  puma (~> 3.1.0)
  rake
  rest-client
  rubocop (~> 0.40.0)
  sinatra (~> 1.4.6)
  sinatra-advanced-routes (~> 0.5.3)
  sinatra-contrib (~> 1.4.6)
  sinatra-cross_origin (~> 0.3.2)
  yard

BUNDLED WITH
   1.12.5
