GEM
  remote: http://rubygems.org/
  specs:
    ansi (1.5.0)
    ast (2.4.0)
    backports (3.11.1)
    builder (3.2.3)
    bump (0.5.4)
    json (2.1.0)
    minitest (5.8.5)
    minitest-hooks (1.4.2)
    minitest-reporters (1.1.19)
      ansi
      builder
      minitest (>= 5.0)
      ruby-progressbar
    multi_json (1.13.1)
    parallel (1.12.1)
    parser (2.5.0.3)
      ast (~> 2.4.0)
    powerpack (0.1.1)
    puma (3.1.1)
    rack (1.6.9)
    rack-protection (1.5.5)
      rack
    rack-test (0.8.3)
      rack (>= 1.0, < 3)
    rainbow (2.2.2)
      rake
    rake (12.3.0)
    rubocop (0.49.1)
      parallel (~> 1.10)
      parser (>= 2.3.3.1, < 3.0)
      powerpack (~> 0.1)
      rainbow (>= 1.99.1, < 3.0)
      ruby-progressbar (~> 1.7)
      unicode-display_width (~> 1.0, >= 1.0.1)
    ruby-progressbar (1.9.0)
    sinatra (1.4.8)
      rack (~> 1.5)
      rack-protection (~> 1.4)
      tilt (>= 1.3, < 3)
    sinatra-advanced-routes (0.5.3)
      sinatra (~> 1.0)
    sinatra-contrib (1.4.7)
      backports (>= 2.0)
      multi_json
      rack-protection
      rack-test
      sinatra (~> 1.4.0)
      tilt (>= 1.3, < 3)
    sinatra-cross_origin (0.3.2)
    tilt (2.0.8)
    unicode-display_width (1.3.0)
    yard (0.9.12)
    yard-sinatra (1.0.0)
      yard (~> 0.7)

PLATFORMS
  ruby

DEPENDENCIES
  bump (~> 0.5.2)
  json
  minitest (~> 5.8.4)
  minitest-hooks (~> 1.4.0)
  minitest-reporters (~> 1.1.9)
  puma (~> 3.1.0)
  rake
  rubocop (~> 0.49.0)
  sinatra (~> 1.4.6)
  sinatra-advanced-routes (~> 0.5.3)
  sinatra-contrib (~> 1.4.6)
  sinatra-cross_origin (~> 0.3.2)
  yard (~> 0.9.11)
  yard-sinatra

RUBY VERSION
   ruby 2.2.4p230

BUNDLED WITH
   1.14.5
